PATH
  remote: .
  specs:
    sof (0.2)
      colorize
      diff-lcs
      net-scp
      net-ssh (>= 2.9.1)
      parallel
      popen4
      pry
      ruby-progressbar
      thor

GEM
  remote: https://rubygems.org/
  specs:
    Platform (0.4.2)
    coderay (1.1.3)
    colorize (0.8.1)
    diff-lcs (1.2.5)
    method_source (1.0.0)
    net-scp (3.0.0)
      net-ssh (>= 2.6.5, < 7.0.0)
    net-ssh (6.1.0)
    open4 (1.3.4)
    parallel (1.21.0)
    popen4 (0.1.2)
      Platform (>= 0.4.0)
      open4 (>= 0.4.0)
    pry (0.14.1)
      coderay (~> 1.1)
      method_source (~> 1.0)
    rake (13.0.6)
    rspec (3.10.0)
      rspec-core (~> 3.10.0)
      rspec-expectations (~> 3.10.0)
      rspec-mocks (~> 3.10.0)
    rspec-core (3.10.1)
      rspec-support (~> 3.10.0)
    rspec-expectations (3.10.1)
      diff-lcs (>= 1.2.0, < 2.0)
      rspec-support (~> 3.10.0)
    rspec-mocks (3.10.2)
      diff-lcs (>= 1.2.0, < 2.0)
      rspec-support (~> 3.10.0)
    rspec-support (3.10.2)
    ruby-progressbar (1.11.0)
    thor (1.1.0)

PLATFORMS
  ruby

DEPENDENCIES
  rake
  rspec (>= 3.4.4)
  sof!

BUNDLED WITH
   2.1.4
